GEM
  remote: http://rubygems.org/
  specs:
    autogc (0.0.3)
    datet (0.0.25)
    diff-lcs (1.1.3)
    ffi (1.2.1)
    gettext (2.3.7)
      levenshtein
      locale
    gir_ffi (0.5.0)
      ffi (~> 1.2.0)
      indentation (~> 0.0.6)
    gir_ffi-gtk (0.5.0)
      gir_ffi (~> 0.5.0)
    git (1.2.5)
    gtk3assist (0.0.9)
      gir_ffi-gtk
      xml-simple
    http2 (0.0.32)
      string-cases (~> 0)
    indentation (0.0.7)
    jeweler (1.8.4)
      bundler (~> 1.0)
      git (>= 1.2.5)
      rake
      rdoc
    json (1.8.6)
    knjrbfw (0.0.113)
      datet
      http2
      php4r
      ruby_process
      tsafe
      wref (>= 0.0.8)
    levenshtein (0.2.2)
    locale (2.0.8)
    php4r (0.0.4)
      datet
      http2
      string-strtr
    rake (10.0.3)
    rdoc (3.12.1)
      json (~> 1.4)
    rspec (2.8.0)
      rspec-core (~> 2.8.0)
      rspec-expectations (~> 2.8.0)
      rspec-mocks (~> 2.8.0)
    rspec-core (2.8.0)
    rspec-expectations (2.8.0)
      diff-lcs (~> 1.1.2)
    rspec-mocks (2.8.0)
    ruby_process (0.0.13)
      string-cases
      tsafe
      wref
    string-cases (0.0.4)
    string-strtr (0.0.3)
    tsafe (0.0.12)
    wref (0.0.8)
    xml-simple (1.1.2)

PLATFORMS
  ruby

DEPENDENCIES
  autogc
  bundler (>= 1.0.0)
  gettext
  gir_ffi
  gtk3assist
  jeweler (~> 1.8.3)
  knjrbfw (>= 0.0.113)
  rdoc (~> 3.12)
  rspec (~> 2.8.0)
  wref (>= 0.0.8)

BUNDLED WITH
   1.16.1
