GEM
  remote: http://rubygems.org/
  specs:
    addressable (2.4.0)
    autogc (0.0.3)
    builder (3.2.3)
    datet (0.0.25)
    descendants_tracker (0.0.4)
      thread_safe (~> 0.3, >= 0.3.1)
    diff-lcs (1.1.3)
    faraday (0.9.2)
      multipart-post (>= 1.2, < 3)
    ffi (1.2.1)
    gettext (2.3.7)
      levenshtein
      locale
    gir_ffi (0.5.0)
      ffi (~> 1.2.0)
      indentation (~> 0.0.6)
    gir_ffi-gtk (0.5.0)
      gir_ffi (~> 0.5.0)
    git (1.3.0)
    github_api (0.16.0)
      addressable (~> 2.4.0)
      descendants_tracker (~> 0.0.4)
      faraday (~> 0.8, < 0.10)
      hashie (>= 3.4)
      mime-types (>= 1.16, < 3.0)
      oauth2 (~> 1.0)
    gtk3assist (0.0.9)
      gir_ffi-gtk
      xml-simple
    hashie (3.5.7)
    highline (1.7.10)
    http2 (0.0.32)
      string-cases (~> 0)
    indentation (0.0.7)
    jeweler (2.3.9)
      builder
      bundler
      git (>= 1.2.5)
      github_api (~> 0.16.0)
      highline (>= 1.6.15)
      nokogiri (>= 1.5.10)
      psych
      rake
      rdoc
      semver2
    json (1.8.6)
    jwt (1.5.6)
    knjrbfw (0.0.113)
      datet
      http2
      php4r
      ruby_process
      tsafe
      wref (>= 0.0.8)
    levenshtein (0.2.2)
    locale (2.0.8)
    mime-types (2.99.3)
    mini_portile2 (2.3.0)
    multi_json (1.13.1)
    multi_xml (0.6.0)
    multipart-post (2.0.0)
    nokogiri (1.8.2)
      mini_portile2 (~> 2.3.0)
    oauth2 (1.4.0)
      faraday (>= 0.8, < 0.13)
      jwt (~> 1.0)
      multi_json (~> 1.3)
      multi_xml (~> 0.5)
      rack (>= 1.2, < 3)
    php4r (0.0.4)
      datet
      http2
      string-strtr
    psych (3.0.2)
    rack (2.0.4)
    rake (12.3.1)
    rdoc (3.12.1)
      json (~> 1.4)
    rspec (2.8.0)
      rspec-core (~> 2.8.0)
      rspec-expectations (~> 2.8.0)
      rspec-mocks (~> 2.8.0)
    rspec-core (2.8.0)
    rspec-expectations (2.8.0)
      diff-lcs (~> 1.1.2)
    rspec-mocks (2.8.0)
    ruby_process (0.0.13)
      string-cases
      tsafe
      wref
    semver2 (3.4.2)
    string-cases (0.0.4)
    string-strtr (0.0.3)
    thread_safe (0.3.6)
    tsafe (0.0.12)
    wref (0.0.8)
    xml-simple (1.1.2)

PLATFORMS
  ruby

DEPENDENCIES
  autogc
  bundler (>= 1.0.0)
  gettext
  gir_ffi
  gtk3assist
  jeweler (= 2.3.9)
  knjrbfw (>= 0.0.113)
  rspec (~> 2.8.0)
  wref (>= 0.0.8)

BUNDLED WITH
   1.16.1
